GEM
  remote: https://rubygems.org/
  specs:
    awesome_print (1.9.2)
    concurrent-ruby (1.3.5)
    faker (2.16.0)
      i18n (>= 1.6, < 2)
    i18n (1.14.7)
      concurrent-ruby (~> 1.0)

PLATFORMS
  arm64-darwin-23
  ruby

DEPENDENCIES
  awesome_print
  faker (= 2.16.0)

BUNDLED WITH
   2.5.16
